GEM
  remote: https://rubygems.org/
  specs:
    power_assert (1.2.0)
    rake (13.0.3)
    test-unit (3.3.9)
      power_assert

PLATFORMS
  x86_64-linux

DEPENDENCIES
  rake
  test-unit

BUNDLED WITH
   2.2.3
